GIT
  remote: git://github.com/Maher4Ever/wdm.git
  revision: 812370bfd4d4e7be6fe2e67e77e49a93535feb72
  specs:

GIT
  remote: git://github.com/guard/guard-compass.git
  revision: 3e845001c2275aaf9f37c37b729337ef29039160
  specs:
    guard-compass (0.0.8)
      compass (>= 0.10.5)
      guard (>= 1.8)

GIT
  remote: git://github.com/guard/guard-livereload.git
  revision: 4aa9534e6a205623416d40b9009b198e40f1e387
  specs:
    guard-livereload (1.4.0)
      em-websocket (>= 0.5.0)
      guard (>= 1.8.0)
      multi_json (~> 1.7)

GIT
  remote: git://github.com/guard/guard.git
  revision: cd34f9e0264d70538055f651bae2b9d6eeb1e4e3
  specs:
    guard (2.0.0.pre.3)
      formatador (>= 0.2.4)
      listen (>= 2.0.0.beta.2)
      lumberjack (>= 1.0.2)
      pry (>= 0.9.10)
      thor (>= 0.14.6)

GIT
  remote: git://github.com/johnbintz/rack-livereload.git
  revision: 13ac1c85f3f6bf6e93561983092f173d8cc6213b
  specs:
    rack-livereload (0.3.15)
      rack

GIT
  remote: git://github.com/nex3/rb-inotify.git
  revision: cca01ce38c9bc060c1ebbaf7e1234c64b99204f2
  specs:
    rb-inotify (0.9.2)
      ffi (>= 0.5.0)

GIT
  remote: git://github.com/ruhoh/ruhoh.rb.git
  revision: 19549b33f1c9cdad5db37cbc66018e412b0a8e59
  specs:
    ruhoh (2.5)
      directory_watcher (~> 1.4.0)
      mustache (~> 0.99)
      nokogiri (~> 1.5)
      rack (~> 1.4)
      redcarpet (~> 2.1)

GEM
  remote: https://rubygems.org/
  specs:
    celluloid (0.15.1)
      timers (~> 1.1.0)
    chunky_png (1.2.8)
    coderay (1.0.9)
    compass (0.12.2)
      chunky_png (~> 1.2)
      fssm (>= 0.2.7)
      sass (~> 3.1)
    directory_watcher (1.4.1)
    em-websocket (0.5.0)
      eventmachine (>= 0.12.9)
      http_parser.rb (~> 0.5.3)
    eventmachine (1.0.3)
    ffi (1.9.0)
    formatador (0.2.4)
    fssm (0.2.10)
    http_parser.rb (0.5.3)
    kramdown (0.14.2)
    listen (2.0.0.beta.2)
      celluloid (>= 0.15.1)
      rb-fsevent (>= 0.9.3)
      rb-inotify (>= 0.9)
    lumberjack (1.0.4)
    method_source (0.8.2)
    mini_portile (0.5.1)
    multi_json (1.8.0)
    mustache (0.99.4)
    nokogiri (1.6.0)
      mini_portile (~> 0.5.0)
    pry (0.9.12.2)
      coderay (~> 1.0.5)
      method_source (~> 0.8)
      slop (~> 3.4)
    rack (1.5.2)
    rb-fsevent (0.9.3)
    redcarpet (2.3.0)
    sass (3.2.10)
    slop (3.4.6)
    thor (0.18.1)
    timers (1.1.0)
    zurb-foundation (4.3.2)
      sass (>= 3.2.0)

PLATFORMS
  ruby

DEPENDENCIES
  compass
  guard!
  guard-compass!
  guard-livereload!
  kramdown (~> 0.14)
  rack-livereload!
  rb-inotify!
  ruhoh!
  wdm!
  zurb-foundation
